GEM
  remote: https://rubygems.org/
  specs:
    backports (3.15.0)
    coderay (1.1.1)
    json (2.2.0)
    mail (2.6.4)
      mime-types (>= 1.16, < 4)
    method_source (0.8.2)
    mime-types (3.1)
      mime-types-data (~> 3.2015)
    mime-types-data (3.2016.0521)
    multi_json (1.14.1)
    mustermann (1.0.3)
    nio4r (2.5.2)
    pry (0.10.3)
      coderay (~> 1.1.0)
      method_source (~> 0.8.1)
      slop (~> 3.4)
    puma (4.2.1)
      nio4r (~> 2.0)
    rack (2.0.7)
    rack-protection (2.0.7)
      rack
    rdiscount (2.2.0.1)
    ruby-oci8 (2.2.2)
    sequel (4.34.0)
    sinatra (2.0.7)
      mustermann (~> 1.0)
      rack (~> 2.0)
      rack-protection (= 2.0.7)
      tilt (~> 2.0)
    sinatra-contrib (2.0.7)
      backports (>= 2.8.2)
      multi_json
      mustermann (~> 1.0)
      rack-protection (= 2.0.7)
      sinatra (= 2.0.7)
      tilt (~> 2.0)
    slop (3.6.0)
    tilt (2.0.10)

PLATFORMS
  ruby

DEPENDENCIES
  json (>= 2)
  mail
  pry
  puma (>= 4)
  rack (>= 1.6.11)
  rack-protection (>= 1.5.5)
  rdiscount
  ruby-oci8
  sequel
  sinatra
  sinatra-contrib
  warbler

BUNDLED WITH
   1.17.3
